GEM
  remote: http://rubygems.org/
  specs:
    backports (3.6.4)
    domain_name (0.5.24)
      unf (>= 0.0.5, < 1.0.0)
    faraday (0.9.1)
      multipart-post (>= 1.2, < 3)
    geolocater (0.1.0)
      faraday
      json
    http-cookie (1.0.2)
      domain_name (~> 0.5)
    json (1.8.2)
    kgio (2.9.3)
    mime-types (2.4.3)
    minitest (5.7.0)
    multi_json (1.10.1)
    multipart-post (2.0.0)
    mysql2 (0.3.17)
    netrc (0.10.3)
    rack (1.6.0)
    rack-protection (1.5.3)
      rack
    rack-test (0.6.3)
      rack (>= 1.0)
    raindrops (0.13.0)
    rake (10.4.2)
    redis (3.2.0)
    rest-client (1.8.0)
      http-cookie (>= 1.0.2, < 2.0)
      mime-types (>= 1.16, < 3.0)
      netrc (~> 0.7)
    sinatra (1.4.5)
      rack (~> 1.4)
      rack-protection (~> 1.4)
      tilt (~> 1.3, >= 1.3.4)
    sinatra-contrib (1.4.2)
      backports (>= 2.0)
      multi_json
      rack-protection
      rack-test
      sinatra (~> 1.4.0)
      tilt (~> 1.3)
    tilt (1.4.1)
    unf (0.1.4)
      unf_ext
    unf_ext (0.0.7.1)
    unicorn (4.8.3)
      kgio (~> 2.6)
      rack
      raindrops (~> 0.7)

PLATFORMS
  ruby

DEPENDENCIES
  geolocater
  json
  minitest
  mysql2
  rake
  redis
  rest-client
  sinatra
  sinatra-contrib
  unicorn
