GEM
  remote: http://rubygems.org/
  specs:
    faraday (0.9.1)
      multipart-post (>= 1.2, < 3)
    geolocater (0.1.0)
      faraday
      json
    json (1.8.2)
    multipart-post (2.0.0)
    mysql2 (0.3.17)
    rack (1.6.0)
    rack-protection (1.5.3)
      rack
    redis (3.2.0)
    sinatra (1.4.5)
      rack (~> 1.4)
      rack-protection (~> 1.4)
      tilt (~> 1.3, >= 1.3.4)
    tilt (1.4.1)

PLATFORMS
  ruby

DEPENDENCIES
  geolocater
  json
  mysql2
  redis
  sinatra
